GEM
  remote: https://rubygems.org/
  specs:
    coderay (1.1.3)
    dotenv (2.8.1)
    method_source (1.0.0)
    pry (0.14.2)
      coderay (~> 1.1)
      method_source (~> 1.0)
    require_all (3.0.0)
    thor (1.2.1)

PLATFORMS
  x86_64-darwin-19

DEPENDENCIES
  dotenv (~> 2.8, >= 2.8.1)
  pry
  require_all (~> 3.0)
  thor (~> 1.2, >= 1.2.1)

BUNDLED WITH
   2.2.15
